GEM
  remote: https://rubygems.org/
  specs:
    csv (3.0.0)
    mini_portile2 (2.3.0)
    nokogiri (1.8.5)
      mini_portile2 (~> 2.3.0)

PLATFORMS
  ruby

DEPENDENCIES
  csv
  nokogiri

BUNDLED WITH
   1.16.6
